PATH
  remote: .
  specs:
    node_error_impl (2.0.0)

GEM
  remote: https://rubygems.org/
  specs:
    data_structure_error_impl (3.0.0)
    data_structure_error_int (3.0.0)
    docile (1.3.2)
    json (2.3.0)
    minitest (5.14.0)
    rake (13.0.1)
    simplecov (0.17.1)
      docile (~> 1.1)
      json (>= 1.8, < 3)
      simplecov-html (~> 0.10.0)
    simplecov-html (0.10.2)

PLATFORMS
  ruby

DEPENDENCIES
  bundler (~> 2.1)
  data_structure_error_impl (~> 3)
  data_structure_error_int (~> 3)
  minitest (~> 5.0)
  node_error_impl!
  rake (~> 13.0)
  simplecov (~> 0)

BUNDLED WITH
   2.1.2
